PATH
  remote: .
  specs:
    ss (0.1.0)
      bundle
      rake
      rdoc
      test-unit
      yard

GEM
  remote: https://rubygems.org/
  specs:
    bundle (0.0.1)
      bundler
    power_assert (2.0.4)
    psych (5.1.2)
      stringio
    rake (13.2.1)
    rdoc (6.7.0)
      psych (>= 4.0.0)
    stringio (3.1.1)
    test-unit (3.6.2)
      power_assert
    yard (0.9.37)

PLATFORMS
  ruby
  x86_64-linux

DEPENDENCIES
  rake (~> 13.0)
  ss!
  test-unit (~> 3.0)

BUNDLED WITH
   2.5.11
